PATH
  remote: .
  specs:
    exchangecli (0.1.0)
      thor (~> 0.20.0)

GEM
  remote: https://rubygems.org/
  specs:
    minitest (5.11.3)
    minitest-rg (5.2.0)
      minitest (~> 5.0)
    rake (10.5.0)
    thor (0.20.0)

PLATFORMS
  ruby

DEPENDENCIES
  bundler (~> 1.16)
  exchangecli!
  minitest (~> 5.0)
  minitest-rg (~> 5.2.0)
  rake (~> 10.0)

BUNDLED WITH
   1.16.1
